GEM
  remote: http://rubygems.org/
  specs:
    backports (3.3.5)
    canonix (0.1.1)
    hashie (2.0.5)
    macaddr (1.6.1)
      systemu (~> 2.5.0)
    mini_portile (0.5.2)
    multi_json (1.8.2)
    nokogiri (1.6.1)
      mini_portile (~> 0.5.0)
    omniauth (1.1.4)
      hashie (>= 1.2, < 3)
      rack
    omniauth-saml (1.1.0)
      omniauth (~> 1.1)
      ruby-saml (~> 0.7.2)
    rack (1.6.13)
    rack-protection (1.5.1)
      rack
    rack-test (0.6.2)
      rack (>= 1.0)
    ruby-saml (0.7.2)
      canonix (= 0.1.1)
      nokogiri
      uuid (~> 2.3)
    sinatra (1.4.4)
      rack (~> 1.4)
      rack-protection (~> 1.4)
      tilt (~> 1.3, >= 1.3.4)
    sinatra-contrib (1.4.1)
      backports (>= 2.0)
      multi_json
      rack-protection
      rack-test
      sinatra (~> 1.4.0)
      tilt (~> 1.3)
    systemu (2.5.2)
    tilt (1.4.1)
    uuid (2.3.7)
      macaddr (~> 1.0)

PLATFORMS
  ruby

DEPENDENCIES
  omniauth
  omniauth-saml
  sinatra
  sinatra-contrib
